GIT
  remote: https://github.com/sinatra/sinatra.git
  revision: d409069c73f181058bf0a5f9ec30d0b6d65a7c40
  specs:
    rack-protection (3.0.6)
      rack
    sinatra (3.0.6)
      mustermann (~> 3.0)
      rack (~> 2.2, >= 2.2.4)
      rack-protection (= 3.0.6)
      tilt (~> 2.0)
    sinatra-contrib (3.0.6)
      multi_json
      mustermann (~> 3.0)
      rack-protection (= 3.0.6)
      sinatra (= 3.0.6)
      tilt (~> 2.0)

GEM
  remote: https://rubygems.org/
  specs:
    multi_json (1.15.0)
    mustermann (3.0.0)
      ruby2_keywords (~> 0.0.1)
    rack (2.2.7)
    ruby2_keywords (0.0.5)
    tilt (2.1.0)

PLATFORMS
  x86_64-linux

DEPENDENCIES
  multi_json
  sinatra!
  sinatra-contrib!

RUBY VERSION
   ruby 3.2.2p53

BUNDLED WITH
   2.4.12
